GEM
  remote: https://rubygems.org/
  specs:
    backports (3.11.4)
    daemons (1.3.1)
    ethon (0.11.0)
      ffi (>= 1.3.0)
    eventmachine (1.2.7)
    ffi (1.9.25)
    json (2.1.0)
    mustermann (1.0.3)
    open4 (1.3.4)
    rack (2.0.6)
    rack-protection (2.0.4)
      rack
    rack-test (1.1.0)
      rack (>= 1.0, < 3)
    sinatra (2.0.4)
      mustermann (~> 1.0)
      rack (~> 2.0)
      rack-protection (= 2.0.4)
      tilt (~> 2.0)
    thin (1.7.2)
      daemons (~> 1.0, >= 1.0.9)
      eventmachine (~> 1.0, >= 1.0.4)
      rack (>= 1, < 3)
    tilt (2.0.9)

PLATFORMS
  ruby

DEPENDENCIES
  backports
  ethon
  ffi
  json
  open4
  rack
  rack-protection
  rack-test
  sinatra
  thin
  tilt

BUNDLED WITH
   1.16.1
